GEM
  remote: https://rubygems.org/
  specs:
    activemodel (3.1.12)
      activesupport (= 3.1.12)
      builder (~> 3.0.0)
      i18n (~> 0.6)
    activesupport (3.1.12)
      multi_json (~> 1.0)
    addressable (2.3.8)
    bson (1.6.4)
    bson_ext (1.6.4)
      bson (~> 1.6.4)
    builder (3.0.4)
    byebug (5.0.0)
      columnize (= 0.9.0)
    capybara (1.1.4)
      mime-types (>= 1.16)
      nokogiri (>= 1.3.3)
      rack (>= 1.0.0)
      rack-test (>= 0.5.4)
      selenium-webdriver (~> 2.0)
      xpath (~> 0.1.4)
    childprocess (0.5.6)
      ffi (~> 1.0, >= 1.0.11)
    columnize (0.9.0)
    cucumber (1.1.9)
      builder (>= 2.1.2)
      diff-lcs (>= 1.1.2)
      gherkin (~> 2.9.0)
      json (>= 1.4.6)
      term-ansicolor (>= 1.0.6)
    diff-lcs (1.1.3)
    fabrication (1.3.2)
    ffi (1.9.8)
    gherkin (2.9.3)
      json (>= 1.4.6)
    grit (2.4.1)
      diff-lcs (~> 1.1)
      mime-types (~> 1.15)
    haml (3.0.25)
    http_router (0.10.2)
      rack (>= 1.0.0)
      url_mount (~> 0.2.1)
    i18n (0.7.0)
    json (1.8.3)
    kgio (2.9.3)
    launchy (2.4.3)
      addressable (~> 2.3)
    mail (2.3.3)
      i18n (>= 0.4.0)
      mime-types (~> 1.16)
      treetop (~> 1.4.8)
    metaclass (0.0.4)
    mime-types (1.25.1)
    mini_portile (0.6.2)
    mocha (0.10.5)
      metaclass (~> 0.0.1)
    mongo (1.6.2)
      bson (~> 1.6.2)
    mongoid (2.4.12)
      activemodel (~> 3.1)
      mongo (<= 1.6.2)
      tzinfo (~> 0.3.22)
    multi_json (1.11.0)
    nokogiri (1.6.6.2)
      mini_portile (~> 0.6.0)
    padrino (0.10.5)
      padrino-admin (= 0.10.5)
      padrino-cache (= 0.10.5)
      padrino-core (= 0.10.5)
      padrino-gen (= 0.10.5)
      padrino-helpers (= 0.10.5)
      padrino-mailer (= 0.10.5)
    padrino-admin (0.10.5)
      padrino-core (= 0.10.5)
      padrino-helpers (= 0.10.5)
    padrino-cache (0.10.5)
      padrino-core (= 0.10.5)
    padrino-cookies (0.1.2)
      padrino-core
    padrino-core (0.10.5)
      activesupport (~> 3.1.0)
      http_router (~> 0.10.2)
      sinatra (~> 1.3.1)
      thor (~> 0.14.3)
      tilt (~> 1.3.0)
    padrino-gen (0.10.5)
      bundler (~> 1.0)
      grit (~> 2.4.1)
      padrino-core (= 0.10.5)
    padrino-helpers (0.10.5)
      i18n (~> 0.6)
      padrino-core (= 0.10.5)
    padrino-mailer (0.10.5)
      mail (~> 2.3.0)
      padrino-core (= 0.10.5)
    polyglot (0.3.5)
    rack (1.6.1)
    rack-protection (1.5.3)
      rack
    rack-test (0.6.3)
      rack (>= 1.0)
    rack_hoptoad (0.1.5)
      rack
      toadhopper (~> 1.0.1)
    raindrops (0.13.0)
    rake (10.4.2)
    rspec (2.8.0)
      rspec-core (~> 2.8.0)
      rspec-expectations (~> 2.8.0)
      rspec-mocks (~> 2.8.0)
    rspec-core (2.8.0)
    rspec-expectations (2.8.0)
      diff-lcs (~> 1.1.2)
    rspec-mocks (2.8.0)
    rubyzip (0.9.9)
    selenium-webdriver (2.35.1)
      childprocess (>= 0.2.5)
      multi_json (~> 1.0)
      rubyzip (< 1.0.0)
      websocket (~> 1.0.4)
    sinatra (1.3.6)
      rack (~> 1.4)
      rack-protection (~> 1.3)
      tilt (~> 1.3, >= 1.3.3)
    slack-post (0.3.2)
      yajl-ruby
    term-ansicolor (1.3.0)
      tins (~> 1.0)
    thor (0.14.6)
    tilt (1.3.7)
    tins (1.5.2)
    toadhopper (1.0.6)
    treetop (1.4.15)
      polyglot
      polyglot (>= 0.3.1)
    tzinfo (0.3.44)
    unicorn (4.9.0)
      kgio (~> 2.6)
      rack
      raindrops (~> 0.7)
    url_mount (0.2.1)
      rack
    websocket (1.0.7)
    xpath (0.1.4)
      nokogiri (~> 1.3)
    yajl-ruby (1.2.1)
    zippy (0.2.1)
      rubyzip (>= 0.9.1)

PLATFORMS
  ruby

DEPENDENCIES
  bson_ext
  byebug
  capybara (~> 1.1.2)
  cucumber (~> 1.1.8)
  fabrication (~> 1.3.1)
  haml (~> 3.0.25)
  launchy
  mocha (~> 0.10.4)
  mongoid (~> 2.4.4)
  padrino (= 0.10.5)
  padrino-cookies (~> 0.1.0)
  rack_hoptoad
  rake
  rspec (~> 2.8.0)
  rubyzip (~> 0.9.9)
  slack-post
  tilt (~> 1.3.7)
  unicorn
  zippy

BUNDLED WITH
   1.10.3
